GEM
  remote: https://rubygems.org/
  specs:
    actionmailer (4.2.3)
      actionpack (= 4.2.3)
      actionview (= 4.2.3)
      activejob (= 4.2.3)
      mail (~> 2.5, >= 2.5.4)
      rails-dom-testing (~> 1.0, >= 1.0.5)
    actionpack (4.2.3)
      actionview (= 4.2.3)
      activesupport (= 4.2.3)
      rack (~> 1.6)
      rack-test (~> 0.6.2)
      rails-dom-testing (~> 1.0, >= 1.0.5)
      rails-html-sanitizer (~> 1.0, >= 1.0.2)
    actionview (4.2.3)
      activesupport (= 4.2.3)
      builder (~> 3.1)
      erubis (~> 2.7.0)
      rails-dom-testing (~> 1.0, >= 1.0.5)
      rails-html-sanitizer (~> 1.0, >= 1.0.2)
    activejob (4.2.3)
      activesupport (= 4.2.3)
      globalid (>= 0.3.0)
    activemodel (4.2.3)
      activesupport (= 4.2.3)
      builder (~> 3.1)
    activerecord (4.2.3)
      activemodel (= 4.2.3)
      activesupport (= 4.2.3)
      arel (~> 6.0)
    activesupport (4.2.3)
      i18n (~> 0.7)
      json (~> 1.7, >= 1.7.7)
      minitest (~> 5.1)
      thread_safe (~> 0.3, >= 0.3.4)
      tzinfo (~> 1.1)
    addressable (2.3.8)
    arel (6.0.2)
    autoprefixer-rails (5.2.1.1)
      execjs
      json
    better_errors (2.1.1)
      coderay (>= 1.0.0)
      erubis (>= 2.6.6)
      rack (>= 0.9.0)
    binding_of_caller (0.7.2)
      debug_inspector (>= 0.0.1)
    builder (3.2.2)
    byebug (5.0.0)
      columnize (= 0.9.0)
    callsite (0.0.11)
    capybara (2.4.4)
      mime-types (>= 1.16)
      nokogiri (>= 1.3.3)
      rack (>= 1.0.0)
      rack-test (>= 0.5.4)
      xpath (~> 2.0)
    coderay (1.1.0)
    columnize (0.9.0)
    crack (0.4.2)
      safe_yaml (~> 1.0.0)
    daemons (1.2.3)
    database_cleaner (1.4.1)
    debug_inspector (0.0.2)
    diff-lcs (1.2.5)
    erubis (2.7.0)
    eventmachine (1.0.7)
    execjs (2.5.2)
    extlib (0.9.16)
    faraday (0.9.1)
      multipart-post (>= 1.2, < 3)
    figaro (1.1.1)
      thor (~> 0.14)
    foreman (0.78.0)
      thor (~> 0.19.1)
    git-version-bump (0.15.1)
    globalid (0.3.5)
      activesupport (>= 4.1.0)
    google-api-client (0.9.pre3)
      activesupport (>= 3.2)
      addressable (~> 2.3)
      googleauth (~> 0.2)
      hurley (~> 0.1)
      memoist (~> 0.11)
      mime-types (>= 1.6)
      multi_json (~> 1.11)
      representable (~> 2.1)
      retriable (~> 2.0)
      thor (~> 0.19)
    googleauth (0.4.2)
      faraday (~> 0.9)
      jwt (~> 1.4)
      logging (~> 2.0)
      memoist (~> 0.12)
      multi_json (~> 1.11)
      signet (~> 0.6)
    haml (4.0.6)
      tilt
    haml-rails (0.9.0)
      actionpack (>= 4.0.1)
      activesupport (>= 4.0.1)
      haml (>= 4.0.6, < 5.0)
      html2haml (>= 1.0.1)
      railties (>= 4.0.1)
    hashie (3.4.2)
    html2haml (2.0.0)
      erubis (~> 2.7.0)
      haml (~> 4.0.0)
      nokogiri (~> 1.6.0)
      ruby_parser (~> 3.5)
    hurley (0.1)
    i18n (0.7.0)
    jbuilder (2.3.1)
      activesupport (>= 3.0.0, < 5)
      multi_json (~> 1.2)
    jquery-rails (4.0.4)
      rails-dom-testing (~> 1.0)
      railties (>= 4.2.0)
      thor (>= 0.14, < 2.0)
    jquery-ui-rails (4.0.3)
      jquery-rails
      railties (>= 3.1.0)
    jquery-ui-sass-rails (4.0.3.0)
      jquery-rails
      jquery-ui-rails (= 4.0.3)
      railties (>= 3.1.0)
    json (1.8.3)
    jwt (1.5.1)
    launchy (2.4.3)
      addressable (~> 2.3)
    little-plugger (1.1.3)
    logging (2.0.0)
      little-plugger (~> 1.1)
      multi_json (~> 1.10)
    loofah (2.0.2)
      nokogiri (>= 1.5.9)
    mail (2.6.3)
      mime-types (>= 1.16, < 3)
    materialize-sass (0.97.0)
      sass (~> 3.3)
    memoist (0.12.0)
    meta_request (0.3.4)
      callsite (~> 0.0, >= 0.0.11)
      rack-contrib (~> 1.1)
      railties (>= 3.0.0, < 5.0.0)
    method_source (0.8.2)
    mime-types (2.6.1)
    mini_portile (0.6.2)
    minitest (5.7.0)
    multi_json (1.11.2)
    multi_xml (0.5.5)
    multipart-post (2.0.0)
    nokogiri (1.6.6.2)
      mini_portile (~> 0.6.0)
    oauth2 (1.0.0)
      faraday (>= 0.8, < 0.10)
      jwt (~> 1.0)
      multi_json (~> 1.3)
      multi_xml (~> 0.5)
      rack (~> 1.2)
    omniauth (1.2.2)
      hashie (>= 1.2, < 4)
      rack (~> 1.0)
    omniauth-google-oauth2 (0.2.6)
      omniauth (> 1.0)
      omniauth-oauth2 (~> 1.1)
    omniauth-oauth2 (1.3.1)
      oauth2 (~> 1.0)
      omniauth (~> 1.2)
    pg (0.18.2)
    pry (0.10.1)
      coderay (~> 1.1.0)
      method_source (~> 0.8.1)
      slop (~> 3.4)
    puma (2.12.2)
    rack (1.6.4)
    rack-contrib (1.4.0)
      git-version-bump (~> 0.15)
      rack (~> 1.4)
    rack-test (0.6.3)
      rack (>= 1.0)
    rails (4.2.3)
      actionmailer (= 4.2.3)
      actionpack (= 4.2.3)
      actionview (= 4.2.3)
      activejob (= 4.2.3)
      activemodel (= 4.2.3)
      activerecord (= 4.2.3)
      activesupport (= 4.2.3)
      bundler (>= 1.3.0, < 2.0)
      railties (= 4.2.3)
      sprockets-rails
    rails-deprecated_sanitizer (1.0.3)
      activesupport (>= 4.2.0.alpha)
    rails-dom-testing (1.0.6)
      activesupport (>= 4.2.0.beta, < 5.0)
      nokogiri (~> 1.6.0)
      rails-deprecated_sanitizer (>= 1.0.1)
    rails-html-sanitizer (1.0.2)
      loofah (~> 2.0)
    rails_12factor (0.0.3)
      rails_serve_static_assets
      rails_stdout_logging
    rails_serve_static_assets (0.0.4)
    rails_stdout_logging (0.0.3)
    railties (4.2.3)
      actionpack (= 4.2.3)
      activesupport (= 4.2.3)
      rake (>= 0.8.7)
      thor (>= 0.18.1, < 2.0)
    rake (10.4.2)
    rdoc (4.2.0)
    representable (2.3.0)
      uber (~> 0.0.7)
    responders (2.1.0)
      railties (>= 4.2.0, < 5)
    retriable (2.0.2)
    rspec-core (3.3.2)
      rspec-support (~> 3.3.0)
    rspec-expectations (3.3.1)
      diff-lcs (>= 1.2.0, < 2.0)
      rspec-support (~> 3.3.0)
    rspec-mocks (3.3.2)
      diff-lcs (>= 1.2.0, < 2.0)
      rspec-support (~> 3.3.0)
    rspec-rails (3.3.3)
      actionpack (>= 3.0, < 4.3)
      activesupport (>= 3.0, < 4.3)
      railties (>= 3.0, < 4.3)
      rspec-core (~> 3.3.0)
      rspec-expectations (~> 3.3.0)
      rspec-mocks (~> 3.3.0)
      rspec-support (~> 3.3.0)
    rspec-support (3.3.0)
    ruby_parser (3.7.0)
      sexp_processor (~> 4.1)
    safe_yaml (1.0.4)
    sass (3.4.16)
    sass-rails (5.0.3)
      railties (>= 4.0.0, < 5.0)
      sass (~> 3.1)
      sprockets (>= 2.8, < 4.0)
      sprockets-rails (>= 2.0, < 4.0)
      tilt (~> 1.1)
    sdoc (0.4.1)
      json (~> 1.7, >= 1.7.7)
      rdoc (~> 4.0)
    sexp_processor (4.6.0)
    signet (0.6.1)
      addressable (~> 2.3)
      extlib (~> 0.9)
      faraday (~> 0.9)
      jwt (~> 1.5)
      multi_json (~> 1.10)
    slop (3.6.0)
    sprockets (3.2.0)
      rack (~> 1.0)
    sprockets-rails (2.3.2)
      actionpack (>= 3.0)
      activesupport (>= 3.0)
      sprockets (>= 2.8, < 4.0)
    thin (1.6.3)
      daemons (~> 1.0, >= 1.0.9)
      eventmachine (~> 1.0)
      rack (~> 1.0)
    thor (0.19.1)
    thread_safe (0.3.5)
    tilt (1.4.1)
    tzinfo (1.2.2)
      thread_safe (~> 0.1)
    uber (0.0.13)
    uglifier (2.7.1)
      execjs (>= 0.3.0)
      json (>= 1.8.0)
    vcr (2.9.3)
    web-console (2.2.1)
      activemodel (>= 4.0)
      binding_of_caller (>= 0.7.2)
      railties (>= 4.0)
      sprockets-rails (>= 2.0, < 4.0)
    webmock (1.21.0)
      addressable (>= 2.3.6)
      crack (>= 0.3.2)
    xpath (2.0.0)
      nokogiri (~> 1.3)

PLATFORMS
  ruby

DEPENDENCIES
  autoprefixer-rails (~> 5.2.1.1)
  better_errors
  binding_of_caller
  byebug
  capybara
  database_cleaner
  faraday
  figaro
  foreman
  google-api-client (= 0.9.pre3)
  googleauth
  haml-rails
  jbuilder (~> 2.0)
  jquery-rails
  jquery-ui-sass-rails
  launchy
  materialize-sass
  meta_request
  omniauth (= 1.2.2)
  omniauth-google-oauth2
  pg (~> 0.18.2)
  pry
  puma
  rails (= 4.2.3)
  rails_12factor
  responders
  rspec-rails (~> 3.0)
  sass-rails (~> 5.0)
  sdoc (~> 0.4.0)
  thin
  uglifier (>= 1.3.0)
  vcr
  web-console (~> 2.0)
  webmock

BUNDLED WITH
   1.10.6
